GIT
  remote: https://github.com/dependabot-fixtures/ghes-private-package-gem
  revision: 682f3a1a99304cebb6e995a2c2476c06df605df4
  branch: main
  specs:
    ghes-private-package-gem (1.0.0)

GEM
  remote: https://rubygems.org/
  specs:

PLATFORMS
  ruby

DEPENDENCIES
  ghes-private-package-gem!

BUNDLED WITH
   2.1.2
